GIT
  remote: https://github.com/ryanfreeth/active_fulfillment
  revision: 02794e6a8992594c1aeb4963e09256eb7d458ada
  specs:
    active_fulfillment (4.0.0)
      active_utils (~> 3.3.1)
      activesupport (>= 3.2.9, < 5.2.0)
      builder (>= 2.0.0)
      nokogiri (>= 1.6.8)

GEM
  remote: https://rubygems.org/
  specs:
    active_utils (3.3.8)
      activesupport (>= 3.2, < 5.2.0)
      i18n
    activemodel (5.1.4)
      activesupport (= 5.1.4)
    activemodel-serializers-xml (1.0.2)
      activemodel (> 5.x)
      activesupport (> 5.x)
      builder (~> 3.1)
    activerecord (5.1.4)
      activemodel (= 5.1.4)
      activesupport (= 5.1.4)
      arel (~> 8.0)
    activeresource (5.0.0)
      activemodel (>= 5.0, < 6)
      activemodel-serializers-xml (~> 1.0)
      activesupport (>= 5.0, < 6)
    activesupport (5.1.4)
      concurrent-ruby (~> 1.0, >= 1.0.2)
      i18n (~> 0.7)
      minitest (~> 5.1)
      tzinfo (~> 1.1)
    arel (8.0.0)
    attr_encrypted (3.0.3)
      encryptor (~> 3.0.0)
    builder (3.2.3)
    byebug (9.1.0)
    coderay (1.1.2)
    concurrent-ruby (1.0.5)
    encryptor (3.0.0)
    fakeweb (1.3.0)
    faraday (0.9.2)
      multipart-post (>= 1.2, < 3)
    foreman (0.84.0)
      thor (~> 0.19.1)
    hashie (3.5.6)
    i18n (0.8.6)
    jwt (1.5.1)
    metaclass (0.0.4)
    method_source (0.8.2)
    mini_portile2 (2.2.0)
    minitest (5.10.3)
    mocha (1.3.0)
      metaclass (~> 0.0.1)
    multi_json (1.12.2)
    multi_xml (0.6.0)
    multipart-post (2.0.0)
    mustermann (1.0.1)
    nokogiri (1.8.0)
      mini_portile2 (~> 2.2.0)
    oauth2 (1.1.0)
      faraday (>= 0.8, < 0.10)
      jwt (~> 1.0, < 1.5.2)
      multi_json (~> 1.3)
      multi_xml (~> 0.5)
      rack (>= 1.2, < 3)
    omniauth (1.6.1)
      hashie (>= 3.4.6, < 3.6.0)
      rack (>= 1.6.2, < 3)
    omniauth-oauth2 (1.4.0)
      oauth2 (~> 1.0)
      omniauth (~> 1.2)
    omniauth-shopify-oauth2 (1.1.17)
      oauth2 (~> 1.1.0)
      omniauth-oauth2 (~> 1.2)
    pg (0.21.0)
    pry (0.10.4)
      coderay (~> 1.1.0)
      method_source (~> 0.8.1)
      slop (~> 3.4)
    rack (2.0.3)
    rack-flash3 (1.0.5)
      rack
    rack-protection (2.0.0)
      rack
    rack-test (0.7.0)
      rack (>= 1.0, < 3)
    rake (12.0.0)
    redis (3.3.3)
    redis-namespace (1.5.3)
      redis (~> 3.0, >= 3.0.4)
    resque (1.22.0)
      multi_json (~> 1.0)
      redis-namespace (~> 1.0)
      sinatra (>= 0.9.2)
      vegas (~> 0.1.2)
    shopify-sinatra-app (0.1.5)
      activesupport
      attr_encrypted
      omniauth-shopify-oauth2
      rack-flash3
      resque (~> 1.22.0)
      shopify_api
      sinatra
      sinatra-activerecord
      sinatra-redis
      sinatra-twitter-bootstrap
    shopify_api (4.3.9)
      activeresource (>= 3.0.0)
      rack
    sinatra (2.0.0)
      mustermann (~> 1.0)
      rack (~> 2.0)
      rack-protection (= 2.0.0)
      tilt (~> 2.0)
    sinatra-activerecord (2.0.13)
      activerecord (>= 3.2)
      sinatra (>= 1.0)
    sinatra-redis (0.3.0)
      redis
      sinatra (>= 0.9.4)
    sinatra-twitter-bootstrap (2.3.4)
    slop (3.6.0)
    sqlite3 (1.3.13)
    thor (0.19.4)
    thread_safe (0.3.6)
    tilt (2.0.8)
    tzinfo (1.2.3)
      thread_safe (~> 0.1)
    vegas (0.1.11)
      rack (>= 1.0.0)

PLATFORMS
  ruby

DEPENDENCIES
  active_fulfillment!
  byebug
  fakeweb
  foreman
  mocha
  omniauth-shopify-oauth2 (~> 1.1.8)
  pg
  pry
  rack-test
  rake
  shopify-sinatra-app (~> 0.1.0)
  shopify_api (~> 4.3.0)
  sqlite3

RUBY VERSION
   ruby 2.3.4p301

BUNDLED WITH
   1.15.4
